PATH
  remote: .
  specs:
    credy (0.1.1)
      thor (~> 0.17.0)

GEM
  remote: https://rubygems.org/
  specs:
    diff-lcs (1.2.5)
    rake (10.0.3)
    rspec (2.14.1)
      rspec-core (~> 2.14.0)
      rspec-expectations (~> 2.14.0)
      rspec-mocks (~> 2.14.0)
    rspec-core (2.14.7)
    rspec-expectations (2.14.5)
      diff-lcs (>= 1.1.3, < 2.0)
    rspec-mocks (2.14.5)
    thor (0.17.0)

PLATFORMS
  ruby

DEPENDENCIES
  credy!
  rake (~> 10.0.3)
  rspec (~> 2.14.1)
